PATH
  remote: .
  specs:
    galaxy-client (0.0.1)
      activeresource

PATH
  remote: /Users/ijcd/work/github/hoodwink
  specs:
    hoodwink (0.0.1)
      activeresource
      activesupport (> 3.0.0)
      addressable
      webmock

PATH
  remote: ~/work/github/factory_girl
  specs:
    factory_girl (2.6.3)
      activesupport (>= 2.3.9)

PATH
  remote: ~/work/github/supermodel
  specs:
    supermodel (0.1.4)
      activemodel (>= 3.0.0)

GEM
  remote: http://rubygems.org/
  specs:
    ParseTree (3.0.8)
      RubyInline (>= 3.7.0)
      sexp_processor (>= 3.0.0)
    RubyInline (3.11.2)
      ZenTest (~> 4.3)
    ZenTest (4.6.2)
    activemodel (3.2.2)
      activesupport (= 3.2.2)
      builder (~> 3.0.0)
    activeresource (3.2.2)
      activemodel (= 3.2.2)
      activesupport (= 3.2.2)
    activesupport (3.2.2)
      i18n (~> 0.6)
      multi_json (~> 1.0)
    addressable (2.2.7)
    archive-tar-minitar (0.5.2)
    builder (3.0.0)
    columnize (0.3.6)
    crack (0.3.1)
    diff-lcs (1.1.3)
    faker (1.0.1)
      i18n (~> 0.4)
    ffi (1.0.11)
    file-tail (1.0.8)
      tins (~> 0.3)
    guard (1.0.1)
      ffi (>= 0.5.0)
      thor (~> 0.14.6)
    guard-rspec (0.6.0)
      guard (>= 0.10.0)
    i18n (0.6.0)
    json (1.6.5)
    linecache (0.46)
      rbx-require-relative (> 0.0.4)
    linecache19 (0.5.12)
      ruby_core_source (>= 0.1.4)
    multi_json (1.1.0)
    predicated (0.2.6)
    rbx-require-relative (0.0.9)
    rdiscount (1.6.8)
    rdoc (3.12)
      json (~> 1.4)
    rspec (2.8.0)
      rspec-core (~> 2.8.0)
      rspec-expectations (~> 2.8.0)
      rspec-mocks (~> 2.8.0)
    rspec-core (2.8.0)
    rspec-expectations (2.8.0)
      diff-lcs (~> 1.1.2)
    rspec-mocks (2.8.0)
    ruby-debug (0.10.4)
      columnize (>= 0.1)
      ruby-debug-base (~> 0.10.4.0)
    ruby-debug-base (0.10.4)
      linecache (>= 0.3)
    ruby-debug-base19 (0.11.25)
      columnize (>= 0.3.1)
      linecache19 (>= 0.5.11)
      ruby_core_source (>= 0.1.4)
    ruby-debug19 (0.11.6)
      columnize (>= 0.3.1)
      linecache19 (>= 0.5.11)
      ruby-debug-base19 (>= 0.11.19)
    ruby2ruby (1.3.1)
      ruby_parser (~> 2.0)
      sexp_processor (~> 3.0)
    ruby_core_source (0.1.5)
      archive-tar-minitar (>= 0.5.2)
    ruby_parser (2.0.6)
      sexp_processor (~> 3.0)
    sexp_processor (3.1.0)
    sourcify (0.5.0)
      file-tail (>= 1.0.5)
      ruby2ruby (>= 1.2.5)
      ruby_parser (>= 2.0.5)
      sexp_processor (>= 3.0.5)
    thor (0.14.6)
    tins (0.3.10)
    webmock (1.8.2)
      addressable (>= 2.2.7)
      crack (>= 0.1.7)
    wrong (0.6.1)
      ParseTree (~> 3.0)
      diff-lcs (~> 1.1.2)
      file-tail (~> 1.0)
      predicated (>= 0.2.3)
      ruby2ruby (~> 1.2)
      ruby_parser (~> 2.0.4)
      sexp_processor (~> 3.0)
      sourcify (>= 0.3.0)
    yajl-ruby (1.1.0)
    yard (0.7.5)

PLATFORMS
  ruby

DEPENDENCIES
  bundler (~> 1.0.0)
  factory_girl!
  faker
  galaxy-client!
  guard-rspec
  hoodwink!
  rdiscount
  rdoc
  rspec
  ruby-debug
  ruby-debug19
  supermodel!
  webmock
  wrong
  yajl-ruby
  yard
